GEM
  remote: http://rubygems.org/
  specs:
    haml (4.0.5)
      tilt
    sass (3.4.5)
    tilt (2.0.1)

PLATFORMS
  ruby

DEPENDENCIES
  haml
  sass
